GEM
  remote: http://rubygems.org/
  specs:
    addressable (2.8.1)
      public_suffix (>= 2.0.2, < 6.0)
    diff-lcs (1.1.2)
    git (1.13.0)
      addressable (~> 2.8)
      rchardet (~> 1.8)
    highline (1.6.1)
    net-scp (1.0.4)
      net-ssh (>= 1.99.1)
    net-ssh (2.0.23)
    public_suffix (5.0.1)
    rchardet (1.8.0)
    rdoc (2.5.11)
    rspec (2.2.0)
      rspec-core (~> 2.2)
      rspec-expectations (~> 2.2)
      rspec-mocks (~> 2.2)
    rspec-core (2.2.1)
    rspec-expectations (2.2.0)
      diff-lcs (~> 1.1.2)
    rspec-mocks (2.2.0)

PLATFORMS
  ruby

DEPENDENCIES
  git (>= 1.13.0)
  highline (>= 1.6.1)
  net-scp (>= 1.0.3)
  net-ssh (>= 2.0.11)
  rdoc (>= 2.5.11)
  rspec (>= 2.2.0)

BUNDLED WITH
   2.1.4
